GEM
  remote: https://rubygems.org/
  specs:
    actionmailer (4.0.2)
      actionpack (= 4.0.2)
      mail (~> 2.5.4)
    actionpack (4.0.2)
      activesupport (= 4.0.2)
      builder (~> 3.1.0)
      erubis (~> 2.7.0)
      rack (~> 1.5.2)
      rack-test (~> 0.6.2)
    activemodel (4.0.2)
      activesupport (= 4.0.2)
      builder (~> 3.1.0)
    activerecord (4.0.2)
      activemodel (= 4.0.2)
      activerecord-deprecated_finders (~> 1.0.2)
      activesupport (= 4.0.2)
      arel (~> 4.0.0)
    activerecord-deprecated_finders (1.0.3)
    activesupport (4.0.2)
      i18n (~> 0.6, >= 0.6.4)
      minitest (~> 4.2)
      multi_json (~> 1.3)
      thread_safe (~> 0.1)
      tzinfo (~> 0.3.37)
    acts-as-taggable-on (3.0.1)
      rails (>= 3, < 5)
    arel (4.0.2)
    atomic (1.1.14)
    bcrypt-ruby (3.1.2)
    bootstrap-sass (3.1.0.2)
      sass (~> 3.2)
    bootstrap3-datetimepicker-rails (2.1.30)
      momentjs-rails (~> 2.5.0)
    builder (3.1.4)
    celluloid (0.15.2)
      timers (~> 1.1.0)
    chunky_png (1.3.0)
    classy_enum (3.3.2)
      rails (>= 3.0)
    coffee-rails (4.0.1)
      coffee-script (>= 2.2.0)
      railties (>= 4.0.0, < 5.0)
    coffee-script (2.2.0)
      coffee-script-source
      execjs
    coffee-script-source (1.7.0)
    compass (0.12.2)
      chunky_png (~> 1.2)
      fssm (>= 0.2.7)
      sass (~> 3.1)
    compass-h5bp (0.1.2)
      compass
    compass-rails (1.1.3)
      compass (>= 0.12.2)
    devise (3.2.2)
      bcrypt-ruby (~> 3.0)
      orm_adapter (~> 0.1)
      railties (>= 3.2.6, < 5)
      thread_safe (~> 0.1)
      warden (~> 1.2.3)
    draper (1.3.0)
      actionpack (>= 3.0)
      activemodel (>= 3.0)
      activesupport (>= 3.0)
      request_store (~> 1.0.3)
    erubis (2.7.0)
    execjs (2.0.2)
    fssm (0.2.10)
    hike (1.2.3)
    html5-rails (0.1.0)
      jquery-rails (>= 2.0)
      railties (>= 3.2)
      thor (~> 0.14)
    i18n (0.6.9)
    jbuilder (1.5.3)
      activesupport (>= 3.0.0)
      multi_json (>= 1.2.0)
    jquery-rails (3.1.0)
      railties (>= 3.0, < 5.0)
      thor (>= 0.14, < 2.0)
    json (1.8.1)
    kgio (2.9.2)
    mail (2.5.4)
      mime-types (~> 1.16)
      treetop (~> 1.4.8)
    mime-types (1.25.1)
    minitest (4.7.5)
    momentjs-rails (2.5.1)
      railties (>= 3.1)
    monetize (0.1.4)
    money (6.0.1)
      i18n (~> 0.6.4)
      monetize (~> 0.1.3)
    money-rails (0.9.0)
      activesupport (>= 3.0)
      money (~> 6.0.0)
      railties (>= 3.0)
    multi_json (1.8.4)
    orm_adapter (0.5.0)
    polyglot (0.3.3)
    rack (1.5.2)
    rack-test (0.6.2)
      rack (>= 1.0)
    rails (4.0.2)
      actionmailer (= 4.0.2)
      actionpack (= 4.0.2)
      activerecord (= 4.0.2)
      activesupport (= 4.0.2)
      bundler (>= 1.3.0, < 2.0)
      railties (= 4.0.2)
      sprockets-rails (~> 2.0.0)
    railties (4.0.2)
      actionpack (= 4.0.2)
      activesupport (= 4.0.2)
      rake (>= 0.8.7)
      thor (>= 0.18.1, < 2.0)
    raindrops (0.12.0)
    rake (10.1.1)
    rdoc (4.1.1)
      json (~> 1.4)
    request_store (1.0.5)
    sass (3.2.14)
    sass-rails (4.0.1)
      railties (>= 4.0.0, < 5.0)
      sass (>= 3.1.10)
      sprockets-rails (~> 2.0.0)
    sdoc (0.4.0)
      json (~> 1.8)
      rdoc (~> 4.0, < 5.0)
    simple_form (3.0.1)
      actionpack (>= 4.0.0, < 4.1)
      activemodel (>= 4.0.0, < 4.1)
    sprockets (2.10.1)
      hike (~> 1.2)
      multi_json (~> 1.0)
      rack (~> 1.0)
      tilt (~> 1.1, != 1.3.0)
    sprockets-rails (2.0.1)
      actionpack (>= 3.0)
      activesupport (>= 3.0)
      sprockets (~> 2.8)
    sqlite3 (1.3.8)
    sucker_punch (1.0.2)
      celluloid (~> 0.15.1)
    thor (0.18.1)
    thread_safe (0.1.3)
      atomic
    tilt (1.4.1)
    timers (1.1.0)
    treetop (1.4.15)
      polyglot
      polyglot (>= 0.3.1)
    turbolinks (2.2.1)
      coffee-rails
    tzinfo (0.3.38)
    uglifier (2.4.0)
      execjs (>= 0.3.0)
      json (>= 1.8.0)
    unicorn (4.8.2)
      kgio (~> 2.6)
      rack
      raindrops (~> 0.7)
    warden (1.2.3)
      rack (>= 1.0)

PLATFORMS
  ruby

DEPENDENCIES
  acts-as-taggable-on
  bootstrap-sass (~> 3.1.0)
  bootstrap3-datetimepicker-rails (~> 2.1.30)
  classy_enum (~> 3.3.2)
  coffee-rails (~> 4.0.0)
  compass-h5bp
  compass-rails
  devise (~> 3.2.2)
  draper (~> 1.3)
  html5-rails
  jbuilder (~> 1.2)
  jquery-rails
  momentjs-rails (~> 2.5.0)
  money-rails (~> 0.9.0)
  rails (= 4.0.2)
  sass-rails (~> 4.0.0)
  sdoc
  simple_form
  sqlite3
  sucker_punch (~> 1.0.2)
  turbolinks
  uglifier (>= 1.3.0)
  unicorn (~> 4.8.2)
